GEM
  remote: http://rubygems.org/
  specs:
    iron_core (1.0.12)
      rest (>= 3.0.8)
    iron_mq (6.0.5)
      iron_core (>= 1.0.12)
    net-http-persistent (2.9.4)
    netrc (0.11.0)
    rest (3.0.8)
      net-http-persistent (>= 2.9.1, < 3)
      netrc

PLATFORMS
  ruby

DEPENDENCIES
  iron_mq

BUNDLED WITH
   1.13.6
